GEM
  remote: https://rubygems.org/
  specs:
    Ascii85 (2.0.1)
    afm (0.2.2)
    ast (2.4.3)
    bigdecimal (3.2.2)
    cmdparse (3.0.7)
    diff-lcs (1.6.2)
    geom2d (0.4.1)
    hashery (2.1.2)
    hexapdf (0.47.0)
      cmdparse (~> 3.0, >= 3.0.3)
      geom2d (~> 0.4, >= 0.4.1)
      openssl (>= 2.2.1)
    json (2.12.2)
    language_server-protocol (3.17.0.5)
    lint_roller (1.1.0)
    matrix (0.4.2)
    openssl (3.3.0)
    parallel (1.27.0)
    parser (3.3.8.0)
      ast (~> 2.4.1)
      racc
    pdf-core (0.10.0)
    pdf-reader (2.14.1)
      Ascii85 (>= 1.0, < 3.0, != 2.0.0)
      afm (~> 0.2.1)
      hashery (~> 2.0)
      ruby-rc4
      ttfunk
    prawn (2.5.0)
      matrix (~> 0.4)
      pdf-core (~> 0.10.0)
      ttfunk (~> 1.8)
    prism (1.4.0)
    racc (1.8.1)
    rainbow (3.1.1)
    regexp_parser (2.10.0)
    rspec (3.13.1)
      rspec-core (~> 3.13.0)
      rspec-expectations (~> 3.13.0)
      rspec-mocks (~> 3.13.0)
    rspec-core (3.13.4)
      rspec-support (~> 3.13.0)
    rspec-expectations (3.13.5)
      diff-lcs (>= 1.2.0, < 2.0)
      rspec-support (~> 3.13.0)
    rspec-mocks (3.13.5)
      diff-lcs (>= 1.2.0, < 2.0)
      rspec-support (~> 3.13.0)
    rspec-support (3.13.4)
    rubocop (1.76.1)
      json (~> 2.3)
      language_server-protocol (~> 3.17.0.2)
      lint_roller (~> 1.1.0)
      parallel (~> 1.10)
      parser (>= 3.3.0.2)
      rainbow (>= 2.2.2, < 4.0)
      regexp_parser (>= 2.9.3, < 3.0)
      rubocop-ast (>= 1.45.0, < 2.0)
      ruby-progressbar (~> 1.7)
      unicode-display_width (>= 2.4.0, < 4.0)
    rubocop-ast (1.45.1)
      parser (>= 3.3.7.2)
      prism (~> 1.4)
    rubocop-performance (1.25.0)
      lint_roller (~> 1.1)
      rubocop (>= 1.75.0, < 2.0)
      rubocop-ast (>= 1.38.0, < 2.0)
    rubocop-rspec (3.6.0)
      lint_roller (~> 1.1)
      rubocop (~> 1.72, >= 1.72.1)
    ruby-progressbar (1.13.0)
    ruby-rc4 (0.1.5)
    ttfunk (1.8.0)
      bigdecimal (~> 3.1)
    unicode-display_width (3.1.4)
      unicode-emoji (~> 4.0, >= 4.0.4)
    unicode-emoji (4.0.4)

PLATFORMS
  arm64-darwin-24
  ruby

DEPENDENCIES
  hexapdf (~> 0.47)
  pdf-reader (~> 2.12)
  prawn (~> 2.5)
  rspec (~> 3.13)
  rubocop (~> 1.69)
  rubocop-performance (~> 1.24)
  rubocop-rspec (~> 3.3)

RUBY VERSION
   ruby 3.4.4p34

BUNDLED WITH
   2.6.9
